GEM
  specs:
    benchmark (0.1.1)

PLATFORMS
  x86_64-linux

DEPENDENCIES
  benchmark

BUNDLED WITH
   2.2.22
