GEM
  remote: https://rubygems.org/
  specs:
    addressable (2.8.0)
      public_suffix (>= 2.0.2, < 5.0)
    date (3.1.0)
    domain_name (0.5.20190701)
      unf (>= 0.0.5, < 1.0.0)
    ffi (1.15.4)
    ffi-compiler (1.0.1)
      ffi (>= 1.0.0)
      rake
    http (5.0.4)
      addressable (~> 2.8)
      http-cookie (~> 1.0)
      http-form_data (~> 2.2)
      llhttp-ffi (~> 0.4.0)
    http-cookie (1.0.4)
      domain_name (~> 0.5)
    http-form_data (2.3.0)
    io-wait (0.1.0)
    llhttp-ffi (0.4.0)
      ffi-compiler (~> 1.0)
      rake (~> 13.0)
    net-http (0.1.1)
      net-protocol
      uri
    net-protocol (0.1.0)
      io-wait
      timeout
    nokogiri (1.12.5-arm64-darwin)
      racc (~> 1.4)
    open-uri (0.1.0)
      stringio
      time
      uri
    pg (1.2.3)
    public_suffix (4.0.6)
    racc (1.6.0)
    rake (13.0.6)
    stringio (3.0.0)
    time (0.1.0)
      date
    timeout (0.1.1)
    unf (0.1.4)
      unf_ext
    unf_ext (0.0.8)
    uri (0.10.1)

PLATFORMS
  arm64-darwin-20

DEPENDENCIES
  http
  net-http
  nokogiri
  open-uri
  pg (~> 1.1)

BUNDLED WITH
   2.2.33
